PATH
  remote: .
  specs:
    fronton (0.1.0.alpha)
      rack (~> 2.0)
      sprockets (~> 3.7)
      thor (~> 0.19)

GEM
  remote: https://rubygems.org/
  specs:
    ansi (1.5.0)
    builder (3.2.2)
    concurrent-ruby (1.0.2)
    coveralls (0.8.15)
      json (>= 1.8, < 3)
      simplecov (~> 0.12.0)
      term-ansicolor (~> 1.3)
      thor (~> 0.19.1)
      tins (>= 1.6.0, < 2)
    docile (1.1.5)
    json (2.0.2)
    minitest (5.9.0)
    minitest-reporters (1.1.11)
      ansi
      builder
      minitest (>= 5.0)
      ruby-progressbar
    rack (2.0.1)
    rake (11.2.2)
    ruby-progressbar (1.8.1)
    simplecov (0.12.0)
      docile (~> 1.1.0)
      json (>= 1.8, < 3)
      simplecov-html (~> 0.10.0)
    simplecov-html (0.10.0)
    sprockets (3.7.0)
      concurrent-ruby (~> 1.0)
      rack (> 1, < 3)
    term-ansicolor (1.3.2)
      tins (~> 1.0)
    thor (0.19.1)
    tins (1.12.0)

PLATFORMS
  ruby

DEPENDENCIES
  coveralls (~> 0.8)
  fronton!
  minitest (~> 5.9)
  minitest-reporters (~> 1.1)
  rake (~> 11.2)
  simplecov (~> 0.12)

BUNDLED WITH
   1.12.5
