PATH
  remote: .
  specs:
    fronton (0.5.0.alpha)
      activesupport (~> 5.0)
      non-stupid-digest-assets (~> 1.0)
      rack (~> 2.0)
      rack-livereload (~> 0.3)
      sprockets (~> 3.7)
      thor (~> 0.19)
      tilt (~> 2.0)

GEM
  remote: https://rubygems.org/
  specs:
    activesupport (5.0.0.1)
      concurrent-ruby (~> 1.0, >= 1.0.2)
      i18n (~> 0.7)
      minitest (~> 5.1)
      tzinfo (~> 1.1)
    ansi (1.5.0)
    builder (3.2.2)
    concurrent-ruby (1.0.2)
    coveralls (0.8.15)
      json (>= 1.8, < 3)
      simplecov (~> 0.12.0)
      term-ansicolor (~> 1.3)
      thor (~> 0.19.1)
      tins (>= 1.6.0, < 2)
    docile (1.1.5)
    i18n (0.7.0)
    json (2.0.2)
    minitest (5.9.0)
    minitest-reporters (1.1.11)
      ansi
      builder
      minitest (>= 5.0)
      ruby-progressbar
    non-stupid-digest-assets (1.0.8)
      sprockets (>= 2.0)
    rack (2.0.1)
    rack-livereload (0.3.16)
      rack
    rake (11.2.2)
    ruby-progressbar (1.8.1)
    simplecov (0.12.0)
      docile (~> 1.1.0)
      json (>= 1.8, < 3)
      simplecov-html (~> 0.10.0)
    simplecov-html (0.10.0)
    sprockets (3.7.0)
      concurrent-ruby (~> 1.0)
      rack (> 1, < 3)
    term-ansicolor (1.3.2)
      tins (~> 1.0)
    thor (0.19.1)
    thread_safe (0.3.5)
    tilt (2.0.5)
    tins (1.12.0)
    tzinfo (1.2.2)
      thread_safe (~> 0.1)

PLATFORMS
  ruby

DEPENDENCIES
  coveralls (~> 0.8)
  fronton!
  minitest (~> 5.9)
  minitest-reporters (~> 1.1)
  rake (~> 11.2)
  simplecov (~> 0.12)

BUNDLED WITH
   1.13.6
